Brain Vision Data Exchange Header File Version 1.0
; Data created by the Vision Recorder

[Common Infos]
Codepage=UTF-8
DataFile=chiraggandhi2.eeg
MarkerFile=chiraggandhi2.vmrk
DataFormat=BINARY
; Data orientation: MULTIPLEXED=ch1,pt1, ch2,pt1 ...
DataOrientation=MULTIPLEXED
NumberOfChannels=67
; Sampling interval in microseconds
SamplingInterval=2000

[Binary Infos]
BinaryFormat=IEEE_FLOAT_32

[Channel Infos]
; Each entry: Ch<Channel number>=<Name>,<Reference channel name>,
; <Resolution in "Unit">,<Unit>, Future extensions..
; Fields are delimited by commas, some fields might be omitted (empty).
; Commas in channel names are coded as "\1".
Ch1=FP1,,0.0406901,µV
Ch2=Fz,,0.0406901,µV
Ch3=F3,,0.0406901,µV
Ch4=F7,,0.0406901,µV
Ch5=FT9,,0.0406901,µV
Ch6=FC5,,0.0406901,µV
Ch7=FC1,,0.0406901,µV
Ch8=C3,,0.0406901,µV
Ch9=T7,,0.0406901,µV
Ch10=TP9,,0.0406901,µV
Ch11=CP5,,0.0406901,µV
Ch12=CP1,,0.0406901,µV
Ch13=Pz,,0.0406901,µV
Ch14=P3,,0.0406901,µV
Ch15=P7,,0.0406901,µV
Ch16=O1,,0.0406901,µV
Ch17=Oz,,0.0406901,µV
Ch18=O2,,0.0406901,µV
Ch19=P4,,0.0406901,µV
Ch20=P8,,0.0406901,µV
Ch21=TP10,,0.0406901,µV
Ch22=CP6,,0.0406901,µV
Ch23=CP2,,0.0406901,µV
Ch24=Cz,,0.0406901,µV
Ch25=C4,,0.0406901,µV
Ch26=T8,,0.0406901,µV
Ch27=FT10,,0.0406901,µV
Ch28=FC6,,0.0406901,µV
Ch29=FC2,,0.0406901,µV
Ch30=F4,,0.0406901,µV
Ch31=F8,,0.0406901,µV
Ch32=FP2,,0.0406901,µV
Ch33=AF7,,0.0406901,µV
Ch34=AF3,,0.0406901,µV
Ch35=AFz,,0.0406901,µV
Ch36=F1,,0.0406901,µV
Ch37=F5,,0.0406901,µV
Ch38=FT7,,0.0406901,µV
Ch39=FC3,,0.0406901,µV
Ch40=C1,,0.0406901,µV
Ch41=C5,,0.0406901,µV
Ch42=TP7,,0.0406901,µV
Ch43=CP3,,0.0406901,µV
Ch44=P1,,0.0406901,µV
Ch45=P5,,0.0406901,µV
Ch46=PO7,,0.0406901,µV
Ch47=PO3,,0.0406901,µV
Ch48=POz,,0.0406901,µV
Ch49=PO4,,0.0406901,µV
Ch50=PO8,,0.0406901,µV
Ch51=P6,,0.0406901,µV
Ch52=P2,,0.0406901,µV
Ch53=CPz,,0.0406901,µV
Ch54=CP4,,0.0406901,µV
Ch55=TP8,,0.0406901,µV
Ch56=C6,,0.0406901,µV
Ch57=C2,,0.0406901,µV
Ch58=FC4,,0.0406901,µV
Ch59=FT8,,0.0406901,µV
Ch60=F6,,0.0406901,µV
Ch61=AF8,,0.0406901,µV
Ch62=AF4,,0.0406901,µV
Ch63=F2,,0.0406901,µV
Ch64=Iz,,0.0406901,µV
Ch65=x_dir,,1,mg
Ch66=y_dir,,1,mg
Ch67=z_dir,,1,mg
